PATH
  remote: .
  specs:
    read_my_time (0.2.0)
      i18n (~> 0.8.1)

GEM
  remote: https://rubygems.org/
  specs:
    activesupport (5.1.1)
      concurrent-ruby (~> 1.0, >= 1.0.2)
      i18n (~> 0.7)
      minitest (~> 5.1)
      tzinfo (~> 1.1)
    concurrent-ruby (1.0.5)
    i18n (0.8.1)
    minitest (5.10.2)
    rake (12.0.0)
    thread_safe (0.3.6)
    tzinfo (1.2.3)
      thread_safe (~> 0.1)

PLATFORMS
  ruby

DEPENDENCIES
  activesupport (~> 5.1.1)
  minitest (~> 5.10.2)
  rake (~> 12.0.0)
  read_my_time!

BUNDLED WITH
   1.15.0
